PATH
  remote: .
  specs:
    radiosonde2terraform (0.1.1)
      radiosonde

GEM
  remote: https://rubygems.org/
  specs:
    aws-sdk-v1 (1.67.0)
      json (~> 1.4)
      nokogiri (~> 1)
    byebug (11.0.1)
    coderay (1.1.2)
    diff-lcs (1.3)
    diffy (3.3.0)
    hashie (4.0.0)
    json (1.8.6)
    method_source (0.9.2)
    mini_portile2 (2.4.0)
    nokogiri (1.10.7)
      mini_portile2 (~> 2.4.0)
    pry (0.12.2)
      coderay (~> 1.1.0)
      method_source (~> 0.9.0)
    pry-byebug (3.7.0)
      byebug (~> 11.0)
      pry (~> 0.10)
    radiosonde (0.1.1)
      aws-sdk-v1
      diffy
      hashie
      json
      term-ansicolor
    rake (10.5.0)
    rspec (3.9.0)
      rspec-core (~> 3.9.0)
      rspec-expectations (~> 3.9.0)
      rspec-mocks (~> 3.9.0)
    rspec-core (3.9.0)
      rspec-support (~> 3.9.0)
    rspec-expectations (3.9.0)
      diff-lcs (>= 1.2.0, < 2.0)
      rspec-support (~> 3.9.0)
    rspec-mocks (3.9.0)
      diff-lcs (>= 1.2.0, < 2.0)
      rspec-support (~> 3.9.0)
    rspec-support (3.9.0)
    term-ansicolor (1.7.1)
      tins (~> 1.0)
    tins (1.22.2)

PLATFORMS
  ruby

DEPENDENCIES
  bundler (~> 2.0)
  pry
  pry-byebug
  radiosonde2terraform!
  rake (~> 10.0)
  rspec (~> 3.0)

BUNDLED WITH
   2.0.2
